PATH
  remote: .
  specs:
    syntax_tree-rbs (0.1.0)
      rbs
      syntax_tree (>= 2.0.1)

GEM
  remote: https://rubygems.org/
  specs:
    docile (1.4.0)
    minitest (5.15.0)
    rake (13.0.6)
    rbs (2.3.2)
    simplecov (0.21.2)
      docile (~> 1.1)
      simplecov-html (~> 0.11)
      simplecov_json_formatter (~> 0.1)
    simplecov-html (0.12.3)
    simplecov_json_formatter (0.1.4)
    syntax_tree (2.2.0)

PLATFORMS
  x86_64-darwin-21
  x86_64-linux

DEPENDENCIES
  bundler
  minitest
  rake
  simplecov
  syntax_tree-rbs!

BUNDLED WITH
   2.3.6
